GEM
  remote: https://rubygems.org/
  specs:
    rake (10.1.1)
    teacup (2.1.14)

PLATFORMS
  ruby

DEPENDENCIES
  rake
  teacup
